PATH
  remote: .
  specs:
    patience_diff (1.1.0)
      trollop (~> 1.16)

GEM
  remote: http://rubygems.org/
  specs:
    hoe (3.5.3)
      rake (>= 0.8, < 11.0)
    json (1.7.7)
    json_pure (1.7.7)
    rake (10.0.4)
    rdoc (4.0.1)
      json (~> 1.4)
    rubyforge (2.0.4)
      json_pure (>= 1.1.7)
    trollop (1.16.2)

PLATFORMS
  ruby

DEPENDENCIES
  hoe (~> 3.5)
  patience_diff!
  rdoc (~> 4.0)
  rubyforge (>= 2.0.4)
